NUGET
  remote: https://www.nuget.org/api/v2
    ExtCore (0.8.43)
    FAKE (4.29.2)
    FsCheck (0.9.2) - framework: >= net40
    FSharp.Compiler.Service (2.0.0.6)
    FSharp.Control.AsyncSeq (2.0.8)
    FSharp.Core (4.0.0.1)
    FSharp.Formatting (2.14.4)
      FSharp.Compiler.Service (2.0.0.6)
      FSharpVSPowerTools.Core (>= 2.3 < 2.4)
    FSharpVSPowerTools.Core (2.3)
      FSharp.Compiler.Service (>= 2.0.0.3)
    FSharpx.Async (1.12)
      FSharp.Control.AsyncSeq
    FSharpx.Collections (1.15.1)
      FSharp.Core
    FSharpx.Collections.Experimental (1.15.1)
      FSharp.Core
      FSharpx.Collections (>= 1.15.1)
    FSharpx.Extras (1.10.3)
      FSharpx.Async (>= 1.12)
      FSharpx.Collections (>= 1.10.1)
    FsLexYacc (6.0) - framework: >= net45
    FsLexYacc.Runtime (6.0.2) - framework: >= net40
    FsUnit (1.3.0.1) - framework: >= net40
      NUnit (>= 2.6.3)
    Microsoft.Bcl (1.1.10) - framework: net10, net11, net20, net30, net35, net40, net40-full
      Microsoft.Bcl.Build (>= 1.0.14)
    Microsoft.Bcl.Build (1.0.21) - import_targets: false, framework: net10, net11, net20, net30, net35, net40, net40-full
    Microsoft.Net.Http (2.2.29) - framework: net10, net11, net20, net30, net35, net40, net40-full
      Microsoft.Bcl (>= 1.1.10)
      Microsoft.Bcl.Build (>= 1.0.14)
    Mono.Addins (1.2)
    NLog (4.3.5) - framework: >= net40
    NLog.Config (2.0.1.2) - framework: >= net40
      NLog (>= 2.0.1.2)
    NuGet.CommandLine (3.4.3)
    NUnit (3.4.1) - framework: >= net40
    NUnit.Runners (2.6.4)
    Octokit (0.20)
      Microsoft.Net.Http  - framework: net10, net11, net20, net30, net35, net40, net40-full
    QuickGraph (3.6.61119.7)
    SourceLink.Fake (1.1)
GITHUB
  remote: fsharp/FAKE
    modules/Octokit/Octokit.fsx (c56456abac6b744c3bb95b217687db19fd19b367)
      Octokit (>= 0.20)