NUGET
  remote: https://www.nuget.org/api/v2
  specs:
    ExtCore (0.8.43)
    FAKE (4.11.3)
    FsCheck (0.9.2) - framework: >= net40
    FSharp.Compiler.Service (1.4.2.3)
    FSharp.Control.AsyncSeq (2.0.3)
    FSharp.Core (4.0.0.1)
    FSharp.Formatting (2.12.1)
      FSharp.Compiler.Service (>= 1.4.2 < 1.5.0)
      FSharpVSPowerTools.Core (>= 2.2.0 < 2.3.0)
    FSharpVSPowerTools.Core (2.2.0)
      FSharp.Compiler.Service (>= 1.4.2.0)
    FSharpx.Async (1.12.0)
      FSharp.Control.AsyncSeq
    FSharpx.Collections (1.13.4)
      FSharp.Core (>= 3.0.0)
    FSharpx.Core (1.8.41)
    FSharpx.Extras (1.10.3)
      FSharpx.Async (>= 1.12)
      FSharpx.Collections (>= 1.10.1)
    FsLexYacc (6.0.0) - framework: >= net45
    FsLexYacc.Runtime (6.0.2) - framework: >= net40
    FsUnit (1.3.0.1) - framework: >= net40
      NUnit (>= 2.6.3)
    Microsoft.Bcl (1.1.10)
      Microsoft.Bcl.Build (>= 1.0.14)
    Microsoft.Bcl.Build (1.0.21) - import_targets: false
    Microsoft.Net.Http (2.2.29)
      Microsoft.Bcl (>= 1.1.10)
      Microsoft.Bcl.Build (>= 1.0.14)
    Mono.Addins (1.2.0)
    NLog (2.0.1.2) - framework: >= net40
    NLog.Config (2.0.1.2) - framework: >= net40
      NLog (>= 2.0.1.2)
    NuGet.CommandLine (3.3.0)
    NUnit (2.6.4) - framework: >= net40
    NUnit.Runners (2.6.4)
    Octokit (0.17.0)
      Microsoft.Net.Http
    QuickGraph (3.6.61119.7)
    SourceLink.Fake (1.1.0)
GITHUB
  remote: fsharp/FAKE
  specs:
    modules/Octokit/Octokit.fsx (7d1a6f8e48d1e2e1e3246ea24a4de05cccc8ce64)
      Octokit