NUGET
  remote: https://www.nuget.org/api/v2
    Argu (3.2)
    Alea.CUDA (2.2.0.3307)
    Alea.CUDA.Fody (2.2.0.3307) - framework: >= net45
      Alea.CUDA (2.2.0.3307)
      Alea.CUDA.IL (2.2.0.3307)
      Alea.IL (2.2.0.3307)
      Fody (>= 1.28)
    Alea.CUDA.IL (2.2.0.3307) - framework: >= net45
      Alea.CUDA (2.2.0.3307)
      Alea.IL (2.2.0.3307)
    Alea.CUDA.Unbound (2.2.0.3307) - framework: >= net45
      Alea.CUDA (2.2.0.3307)
      Alea.CUDA.IL (2.2.0.3307)
      Alea.IL (2.2.0.3307)
    Alea.IL (2.2.0.3307) - framework: >= net45
    Brahma.FSharp (1.0.1)
      FSharp.Core
      FSharp.Quotations.Evaluator
      FSharpx.Collections
      OpenCL.Net (2.2.9)
      YC.PrettyPrinter
    DotNet.Contracts (1.10.20606.1) - framework: >= net45
    DotParser (1.0.6) 
      FSharp.Core
      FSharpx.Collections.Experimental
    ExtCore (0.8.43)
    FAKE (4.37.2)
    Fody (1.30.0-beta01) - framework: >= net45
    FsCheck (0.9.2) - framework: >= net40
    FSharp.Compiler.Service (2.0.0.6)
    FSharp.Control.AsyncSeq (2.0.9)
    FSharp.Core (4.0.0.1)
    FSharp.Formatting (2.14.4)
      FSharp.Compiler.Service (2.0.0.6)
      FSharpVSPowerTools.Core (>= 2.3 < 2.4)
    FSharp.Quotations.Evaluator (1.0.7)
    FSharpVSPowerTools.Core (2.3)
      FSharp.Compiler.Service (>= 2.0.0.3)
    FSharpx.Async (1.12)
      FSharp.Control.AsyncSeq
    FSharpx.Collections (1.15.1)
      FSharp.Core
    FSharpx.Collections.Experimental (1.15.1) - framework: >= net45
      FSharp.Core
      FSharpx.Collections (>= 1.15.1)
    FSharpx.Core (1.8.32)
    FSharpx.Extras (1.10.3)
      FSharpx.Async (>= 1.12)
      FSharpx.Collections (>= 1.10.1)
    FSharpx.Text.StructuredFormat (1.10.3)
      FSharpx.Async (>= 1.12)
      FSharpx.Collections (>= 1.10.1)
      FSharpx.Extras (1.10.3)
    FsLexYacc (6.0) - framework: >= net45
    FsLexYacc.Runtime (6.0.2) - framework: >= net40
    FSPowerPack.Community (3.0) - framework: >= net45
      FSPowerPack.Linq.Community
      FSPowerPack.Metadata.Community
      FSPowerPack.Parallel.Seq.Community
    FSPowerPack.Core.Community (3.0) - framework: >= net45
    FSPowerPack.Linq.Community (3.0) - framework: >= net45
      FSPowerPack.Core.Community
    FSPowerPack.Metadata.Community (3.0) - framework: >= net45
      FSPowerPack.Core.Community
    FSPowerPack.Parallel.Seq.Community (3.0) - framework: >= net45
      FSPowerPack.Core.Community
    FsUnit (1.3.0.1) - framework: >= net40
      NUnit (>= 2.6.3)
    Microsoft.Bcl (1.1.10) - framework: net10, net11, net20, net30, net35, net40, net40-full
      Microsoft.Bcl.Build (>= 1.0.14)
    Microsoft.Bcl.Build (1.0.21) - import_targets: false, framework: net10, net11, net20, net30, net35, net40, net40-full
    Microsoft.Net.Http (2.2.29) - framework: net10, net11, net20, net30, net35, net40, net40-full
      Microsoft.Bcl (>= 1.1.10)
      Microsoft.Bcl.Build (>= 1.0.14)
    Mono.Addins (1.3)
    NLog (2.0.1.2)
    NLog.Config (2.0.1.2) - framework: >= net40
      NLog (>= 2.0.1.2)
    NuGet.CommandLine (3.4.3)
    NUnit (3.4.1) - framework: >= net40
    NUnit.ConsoleRunner (3.4.1)
    NUnit.Extension.NUnitProjectLoader (3.4.1)
    NUnit.Extension.NUnitV2Driver (3.4.1)
    NUnit.Extension.NUnitV2ResultWriter (3.4.1)
    NUnit.Extension.TeamCityEventListener (1.0.1)
    NUnit.Extension.VSProjectLoader (3.4.1)
    NUnit.Runners (3.4.1)
      NUnit.ConsoleRunner (>= 3.4.1)
      NUnit.Extension.NUnitProjectLoader (>= 3.4.1)
      NUnit.Extension.NUnitV2Driver (>= 3.4.1)
      NUnit.Extension.NUnitV2ResultWriter (>= 3.4.1)
      NUnit.Extension.TeamCityEventListener (>= 1.0.1)
      NUnit.Extension.VSProjectLoader (>= 3.4.1)
    Octokit (0.21.1)
      Microsoft.Net.Http  - framework: net10, net11, net20, net30, net35, net40, net40-full
    OpenCL.Net (2.2.9)
    SourceLink.Fake (1.1)
    YC.PrettyPrinter (0.0.5)
      FSharp.Core
    YC.QuickGraph (3.7.3)
      DotNet.Contracts
      DotParser (>= 1.0.6)
      FSharp.Core
    YC.Utils.SourceText (0.3.0.1)
      FSharp.Core (4.0.0.1)
GITHUB
  remote: fsharp/FAKE
    modules/Octokit/Octokit.fsx (73589a85a5e30a2c78d61efccdd3446a99483142)
      Octokit (>= 0.20)