FRAMEWORK: >= NET45
NUGET
  remote: https://www.nuget.org/api/v2
  specs:
    FSharp.Core (3.1.2.5)
    FSharpx.Collections (1.15.1)
      FSharp.Core
    FSharpx.Collections.Experimental (1.15.1)
      FSharp.Core
      FSharpx.Collections (>= 1.15.1)
    FSharpx.Core (1.8.41)
