NUGET
  remote: https://www.nuget.org/api/v2
  specs:
    Antlr2.Runtime (2.7.7.02)
    Antlr2.Tools (2.7.6.3)
    AsyncBridge.Net35 (0.2.0)
      TaskParallelLibrary (>= 1.0.2856.0)
    Brahma.FSharp (0.2.4) - framework: >= net40
      FSharpx.Core (1.8.41)
      FSharpx.Text.StructuredFormat (1.8.41)
      OpenCL.Net (2.2.9.0)
    DotNetZip.Reduced (1.9.1.8)
    FSharp.Core (4.0.0.1)
    FSharpx.Collections (1.12.1) - framework: >= net45
      FSharp.Core
    FSharpx.Collections.Experimental (1.12.1) - framework: >= net45
      FSharp.Core
      FSharpx.Collections (>= 1.12.1)
    FSharpx.Core (1.8.41)
    FSharpx.Text.StructuredFormat (1.8.41)
      FSharpx.Core (1.8.41)
    GraphX (2.1.7) - framework: >= net40
      QuickGraph  - framework: >= net40
    JetBrains.Annotations (9.1.1)
    JetBrains.Build.Platform.Tasks.ThemedIconsPacker (2.0.20141124)
    JetBrains.ExternalAnnotations (9.1.0.9)
    JetBrains.Platform.Core.Ide (102.0.20150522.70700)
      JetBrains.Annotations (9.1.1)
      JetBrains.Platform.Core.Shell (>= 102.0.20150522.70021 < 102.1)
      JetBrains.Platform.Core.Text (>= 102.0.20150522.70699 < 102.1)
      Newtonsoft35.Json (7.0.1)
      TaskParallelLibrary (1.0.2856.0)
      Wave (2.0.0.0)
    JetBrains.Platform.Core.Shell (102.0.20150522.70022)
      AsyncBridge.Net35 (0.2.0)
      JetBrains.Annotations (9.1.1)
      JetBrains.Platform.Lib.System.Windows.Interactivity (2.0.20140318.0)
      JetBrains.Platform.Lib.WpfContrib (2.0.20140304.0)
      Microsoft.Web.Xdt (2.1.1)
      Newtonsoft35.Json (7.0.1)
      NuGet.Core (2.8.5)
      SharpZipLib.JetBrains.Stripped (0.86.20150204.1)
      TaskParallelLibrary (1.0.2856.0)
      Vestris.ResourceLib.JetBrains (1.4.20150303.0)
      Wave (2.0.0.0)
      Windows7APICodePack-Core (1.1.0.0)
      Windows7APICodePack-Shell (1.1.0.0)
      xmlrpcnet (2.5.0)
    JetBrains.Platform.Core.Text (102.0.20150522.70700)
      JetBrains.Annotations (9.1.1)
      JetBrains.Platform.Core.Shell (>= 102.0.20150522.70021 < 102.1)
      Wave (2.0.0.0)
    JetBrains.Platform.Installer (102.0.20150522.70700)
      DotNetZip.Reduced (1.9.1.8)
      JetBrains.Annotations (9.1.1)
      JetBrains.Platform.Core.Shell (>= 102.0.20150522.70021 < 102.1)
      JetBrains.Platform.Lib.Microsoft.Deployment.WindowsInstaller (2.0.20140821.0)
      Microsoft.Web.Xdt (2.1.1)
      Newtonsoft35.Json (7.0.1)
      NuGet.Core (2.8.5)
      TaskParallelLibrary (1.0.2856.0)
      Wave (2.0.0.0)
    JetBrains.Platform.Interop.dotMemoryUnit.Interop (102.0.20150522.70700)
      Wave (2.0.0.0)
    JetBrains.Platform.Lib.DevExpress (2.0.20140304)
    JetBrains.Platform.Lib.Microsoft.Deployment.Compression.Cab (2.0.20140304)
    JetBrains.Platform.Lib.Microsoft.Deployment.WindowsInstaller (2.0.20140821)
    JetBrains.Platform.Lib.System.Windows.Interactivity (2.0.20140318)
    JetBrains.Platform.Lib.VisualStudio.AnyVs.ShellInterop.PrivateBuild (2.0.20140304)
    JetBrains.Platform.Lib.WpfContrib (2.0.20140304)
    JetBrains.Platform.Symbols (102.0.20150522.70700)
      JetBrains.Annotations (9.1.1)
      JetBrains.Platform.Core.Shell (>= 102.0.20150522.70021 < 102.1)
      JetBrains.Platform.Lib.Microsoft.Deployment.Compression.Cab (2.0.20140304.0)
      Wave (2.0.0.0)
    JetBrains.Platform.Tests.Framework (102.0.20150522.70700)
      JetBrains.Annotations (9.1.1)
      JetBrains.Platform.Core.Ide (>= 102.0.20150522.70699 < 102.1)
      JetBrains.Platform.Symbols (>= 102.0.20150522.70699 < 102.1)
      Microsoft.Web.Xdt (2.1.1)
      NuGet.Core (2.8.5)
      NUnit (2.6.4)
      TaskParallelLibrary (1.0.2856.0)
      Wave (2.0.0.0)
    JetBrains.Platform.VisualStudio (102.0.20150522.70700)
      JetBrains.Annotations (9.1.1)
      JetBrains.Platform.Core.Ide (>= 102.0.20150522.70699 < 102.1)
      JetBrains.Platform.Core.Text (>= 102.0.20150522.70699 < 102.1)
      JetBrains.Platform.Lib.VisualStudio.AnyVs.ShellInterop.PrivateBuild (2.0.20140304.0)
      JetBrains.Platform.Lib.WpfContrib (2.0.20140304.0)
      Microsoft.Web.Xdt (2.1.1)
      Newtonsoft35.Json (7.0.1)
      NuGet.Core (2.8.5)
      TaskParallelLibrary (1.0.2856.0)
      Wave (2.0.0.0)
    JetBrains.Psi.Features.Cpp.src (102.0.20150522.74025)
      JetBrains.Annotations (9.1.1)
      JetBrains.Platform.Installer (>= 102.0.20150522.70699 < 102.1)
      JetBrains.Platform.Lib.DevExpress (2.0.20140304.0)
      JetBrains.Platform.VisualStudio (>= 102.0.20150522.70699 < 102.1)
      JetBrains.Psi.Features.src (>= 102.0.20150522.71618 < 102.1)
      JetBrains.Psi.Features.VisualStudio (>= 102.0.20150522.71618 < 102.1)
      TaskParallelLibrary (1.0.2856.0)
      Wave (2.0.0.0)
    JetBrains.Psi.Features.src (102.0.20150522.71619)
      AsyncBridge.Net35 (0.2.0)
      DotNetZip.Reduced (1.9.1.8)
      JetBrains.Annotations (9.1.1)
      JetBrains.ExternalAnnotations (9.1.0.9)
      JetBrains.Platform.Core.Ide (>= 102.0.20150522.70699 < 102.1)
      JetBrains.Platform.Interop.dotMemoryUnit.Interop (>= 102.0.20150522.70699 < 102.1)
      JetBrains.Platform.Lib.DevExpress (2.0.20140304.0)
      JetBrains.Platform.Lib.VisualStudio.AnyVs.ShellInterop.PrivateBuild (2.0.20140304.0)
      JetBrains.Platform.Lib.WpfContrib (2.0.20140304.0)
      JetBrains.Platform.Symbols (>= 102.0.20150522.70699 < 102.1)
      JetBrains.Psi.Features.Tasks (>= 102.0.20150522.71618 < 102.1)
      Microsoft.Web.Xdt (2.1.1)
      Newtonsoft35.Json (7.0.1)
      NuGet.Core (2.8.5)
      NUnit.Core (2.6.4)
      TaskParallelLibrary (1.0.2856.0)
      Wave (2.0.0.0)
      Windows7APICodePack-Core (1.1.0.0)
      Windows7APICodePack-Shell (1.1.0.0)
    JetBrains.Psi.Features.Tasks (102.0.20150522.71619)
      Antlr2.Runtime (2.7.7.02)
      Antlr2.Tools (2.7.6.3)
      JetBrains.Annotations (9.1.1)
      JetBrains.Platform.Core.Shell (>= 102.0.20150522.70021 < 102.1)
      NUnit (2.6.4)
      NVelocity (1.0.3)
      Wave (2.0.0.0)
    JetBrains.Psi.Features.test.Framework (102.0.20150522.71619)
      JetBrains.Annotations (9.1.1)
      JetBrains.Platform.Tests.Framework (>= 102.0.20150522.70699 < 102.1)
      JetBrains.Psi.Features.src (>= 102.0.20150522.71618 < 102.1)
      Microsoft.Web.Xdt (2.1.1)
      NuGet.Core (2.8.5)
      NUnit (2.6.4)
      Wave (2.0.0.0)
    JetBrains.Psi.Features.VisualStudio (102.0.20150522.71619)
      DotNetZip.Reduced (1.9.1.8)
      JetBrains.Annotations (9.1.1)
      JetBrains.Platform.Core.Ide (>= 102.0.20150522.70699 < 102.1)
      JetBrains.Platform.Lib.DevExpress (2.0.20140304.0)
      JetBrains.Platform.Lib.VisualStudio.AnyVs.ShellInterop.PrivateBuild (2.0.20140304.0)
      JetBrains.Platform.Lib.WpfContrib (2.0.20140304.0)
      JetBrains.Platform.Symbols (>= 102.0.20150522.70699 < 102.1)
      JetBrains.Platform.VisualStudio (>= 102.0.20150522.70699 < 102.1)
      JetBrains.Psi.Features.src (>= 102.0.20150522.71618 < 102.1)
      Microsoft.Web.Xdt (2.1.1)
      Newtonsoft35.Json (7.0.1)
      NuGet.Core (2.8.5)
      TaskParallelLibrary (1.0.2856.0)
      Wave (2.0.0.0)
      Windows7APICodePack-Core (1.1.0.0)
    JetBrains.ReSharper.SDK (9.1.20150522.81235)
      JetBrains.Annotations (9.1.1)
      JetBrains.Build.Platform.Tasks.ThemedIconsPacker (2.0.20141124.0)
      JetBrains.Platform.Tests.Framework (>= 102.0.20150522.70699 < 102.1)
      JetBrains.Psi.Features.Cpp.src (>= 102.0.20150522.74024 < 102.1)
      JetBrains.Psi.Features.src (>= 102.0.20150522.71618 < 102.1)
      JetBrains.Psi.Features.test.Framework (>= 102.0.20150522.71618 < 102.1)
      Microsoft.Web.Xdt (2.1.1)
      Newtonsoft35.Json (7.0.1)
      NuGet.Core (2.8.5)
      TaskParallelLibrary (1.0.2856.0)
      Wave (2.0.0.0)
    Microsoft.Web.Xdt (2.1.1)
    Mono.Addins (1.2)
    Newtonsoft35.Json (7.0.1)
    NuGet.CommandLine (3.3.0)
    NuGet.Core (2.8.5)
      Microsoft.Web.Xdt (>= 2.1.0)
    NUnit (2.6.4)
    NUnit.Core (2.6.4)
    NVelocity (1.0.3)
    OpenCL.Net (2.2.9) - framework: >= net40
    QuickGraph (3.6.61119.7)
    SharpZipLib.JetBrains.Stripped (0.86.20150204.1)
    TaskParallelLibrary (1.0.2856)
    Vestris.ResourceLib.JetBrains (1.4.20150303)
    Wave (2.0.0)
    Windows7APICodePack-Core (1.1.0)
    Windows7APICodePack-Shell (1.1.0)
      Windows7APICodePack-Core (>= 1.1.0.0)
    xmlrpcnet (2.5.0)
    YC.Utils.SourceText (0.1.6500.5)
